PATH
  remote: .
  specs:
    rack-webconsole (0.1.2)
      multi_json (~> 1.0.3)
      rack

GEM
  remote: http://rubygems.org/
  specs:
    bluecloth (2.1.0)
    minitest (2.3.1)
    mocha (0.9.12)
    multi_json (1.0.3)
    purdytest (1.0.0)
      minitest (~> 2.2)
    rack (1.3.2)
    rake (0.9.2)
    yard (0.7.2)

PLATFORMS
  java
  ruby

DEPENDENCIES
  bluecloth
  minitest
  mocha
  purdytest
  rack-webconsole!
  rake
  yard
